GEM
  remote: https://rubygems.org/
  specs:
    advent_of_code_cli (0.1.3)
      thor (>= 1.2.0)
    coderay (1.1.3)
    method_source (1.0.0)
    pry (0.14.1)
      coderay (~> 1.1)
      method_source (~> 1.0)
    thor (1.2.1)

PLATFORMS
  arm64-darwin-21

DEPENDENCIES
  advent_of_code_cli
  pry

BUNDLED WITH
   2.3.7
